GEM
  remote: http://rubygems.org/
  specs:
    rainbow (2.0.0)
    rake (10.3.2)
    sass (3.3.8)
    scss-lint (0.24.1)
      rainbow (~> 2.0)
      sass (~> 3.3.0)

PLATFORMS
  ruby

DEPENDENCIES
  rake
  scss-lint (= 0.24.1)
